GEM
  remote: https://rubygems.org/
  specs:
    puma (2.2.2)
      rack (>= 1.1, < 2.0)
    rack (1.6.11)
    rack-protection (1.5.0)
      rack
    rake (10.1.0)
    ruby-fann (1.2.4)
    sinatra (1.3.6)
      rack (~> 1.4)
      rack-protection (~> 1.3)
      tilt (~> 1.3, >= 1.3.3)
    tilt (1.4.1)

PLATFORMS
  ruby

DEPENDENCIES
  puma
  rake
  ruby-fann
  sinatra (= 1.3.6)
