GEM
  remote: https://rubygems.org/
  specs:
    algorithms (0.6.1)
    ffi (1.11.1)
    listen (1.0.3)
      rb-fsevent (>= 0.9.3)
      rb-inotify (>= 0.9)
      rb-kqueue (>= 0.2)
    mini_magick (4.9.4)
    minitest (5.13.0)
    nio4r (2.5.8)
    puma (4.3.11)
      nio4r (~> 2.0)
    rack (1.6.12)
    rack-protection (1.5.5)
      rack
    rake (12.3.3)
    rb-fsevent (0.9.3)
    rb-inotify (0.9.2)
      ffi (>= 0.5.0)
    rb-kqueue (0.2.0)
      ffi (>= 0.5.0)
    rerun (0.8.2)
      listen (~> 1.0.3)
    ruby-opencv (0.0.13)
    sinatra (1.4.4)
      rack (~> 1.4)
      rack-protection (~> 1.4)
      tilt (~> 1.3, >= 1.3.4)
    tilt (1.4.1)

PLATFORMS
  ruby

DEPENDENCIES
  algorithms
  mini_magick
  minitest
  puma
  rake
  rerun
  ruby-opencv
  sinatra
