GEM
  remote: https://rubygems.org/
  specs:
    ansi (1.4.3)
    metaclass (0.0.1)
    minitest (5.0.8)
    minitest-doc_reporter (0.6.0)
      ansi
      minitest (~> 5.0)
    mocha (0.14.0)
      metaclass (~> 0.0.1)
    mustermann (1.1.1)
      ruby2_keywords (~> 0.0.1)
    rack (2.2.3)
    rack-protection (2.2.0)
      rack
    rake (12.3.3)
    rb-libsvm (1.1.3)
    ruby2_keywords (0.0.5)
    sinatra (2.2.0)
      mustermann (~> 1.0)
      rack (~> 2.2)
      rack-protection (= 2.2.0)
      tilt (~> 2.0)
    tilt (2.0.10)

PLATFORMS
  ruby

DEPENDENCIES
  minitest-doc_reporter
  mocha
  rake
  rb-libsvm
  sinatra
