GEM
  remote: https://rubygems.org/
  specs:
    ansi (1.4.3)
    metaclass (0.0.1)
    minitest (5.0.8)
    minitest-doc_reporter (0.6.0)
      ansi
      minitest (~> 5.0)
    mocha (0.14.0)
      metaclass (~> 0.0.1)
    rack (1.6.12)
    rack-protection (1.5.5)
      rack
    rake (12.3.3)
    rb-libsvm (1.1.3)
    sinatra (1.4.3)
      rack (~> 1.4)
      rack-protection (~> 1.4)
      tilt (~> 1.3, >= 1.3.4)
    tilt (1.4.1)

PLATFORMS
  ruby

DEPENDENCIES
  minitest-doc_reporter
  mocha
  rake
  rb-libsvm
  sinatra
