GEM
  remote: https://rubygems.org/
  specs:
    fast-stemmer (1.0.2)
    mail (2.5.5)
      mime-types (~> 1.16)
      treetop (~> 1.4.8)
    mime-types (1.25.1)
    mini_portile2 (2.4.0)
    nokogiri (1.10.10)
      mini_portile2 (~> 2.4.0)
    polyglot (0.3.5)
    rake (10.3.2)
    treetop (1.4.15)
      polyglot
      polyglot (>= 0.3.1)

PLATFORMS
  ruby

DEPENDENCIES
  fast-stemmer
  mail
  nokogiri
  rake
